PATH
  remote: .
  specs:
    openxml-drawingml (0.1.0)
      nokogiri
      openxml-package (>= 0.2.2)

GEM
  remote: https://rubygems.org/
  specs:
    coderay (1.1.1)
    diff-lcs (1.2.5)
    docile (1.1.5)
    json (1.8.3)
    method_source (0.8.2)
    mini_portile2 (2.1.0)
    nokogiri (1.7.1)
      mini_portile2 (~> 2.1.0)
    openxml-package (0.2.7)
      nokogiri
      ox
      rubyzip (~> 1.2.1)
    ox (2.4.11)
    pry (0.10.3)
      coderay (~> 1.1.0)
      method_source (~> 0.8.1)
      slop (~> 3.4)
    rake (11.1.2)
    rr (1.1.2)
    rspec (3.4.0)
      rspec-core (~> 3.4.0)
      rspec-expectations (~> 3.4.0)
      rspec-mocks (~> 3.4.0)
    rspec-core (3.4.4)
      rspec-support (~> 3.4.0)
    rspec-expectations (3.4.0)
      diff-lcs (>= 1.2.0, < 2.0)
      rspec-support (~> 3.4.0)
    rspec-mocks (3.4.1)
      diff-lcs (>= 1.2.0, < 2.0)
      rspec-support (~> 3.4.0)
    rspec-support (3.4.1)
    rubyzip (1.2.1)
    simplecov (0.11.2)
      docile (~> 1.1.0)
      json (~> 1.8)
      simplecov-html (~> 0.10.0)
    simplecov-html (0.10.0)
    slop (3.6.0)
    timecop (0.8.1)

PLATFORMS
  ruby

DEPENDENCIES
  openxml-drawingml!
  pry
  rake
  rr
  rspec
  simplecov
  timecop

BUNDLED WITH
   1.14.6
