PATH
  remote: .
  specs:
    openxml-drawingml (0.2.1)
      nokogiri
      openxml-package (~> 0.3.2)

GEM
  remote: https://rubygems.org/
  specs:
    coderay (1.1.2)
    diff-lcs (1.3)
    docile (1.3.1)
    json (2.1.0)
    method_source (0.9.2)
    mini_portile2 (2.6.1)
    nokogiri (1.12.5)
      mini_portile2 (~> 2.6.1)
      racc (~> 1.4)
    openxml-package (0.3.4)
      nokogiri
      ox
      rubyzip
    ox (2.14.5)
    pry (0.12.2)
      coderay (~> 1.1.0)
      method_source (~> 0.9.0)
    racc (1.6.0)
    rake (12.3.2)
    rr (1.2.1)
    rspec (3.8.0)
      rspec-core (~> 3.8.0)
      rspec-expectations (~> 3.8.0)
      rspec-mocks (~> 3.8.0)
    rspec-core (3.8.0)
      rspec-support (~> 3.8.0)
    rspec-expectations (3.8.2)
      diff-lcs (>= 1.2.0, < 2.0)
      rspec-support (~> 3.8.0)
    rspec-mocks (3.8.0)
      diff-lcs (>= 1.2.0, < 2.0)
      rspec-support (~> 3.8.0)
    rspec-support (3.8.0)
    rubyzip (2.3.2)
    simplecov (0.16.1)
      docile (~> 1.1)
      json (>= 1.8, < 3)
      simplecov-html (~> 0.10.0)
    simplecov-html (0.10.2)
    timecop (0.9.1)

PLATFORMS
  ruby

DEPENDENCIES
  openxml-drawingml!
  pry
  rake
  rr
  rspec
  simplecov
  timecop

BUNDLED WITH
   2.2.17
